PATH
  remote: .
  specs:
    pyama-camp (0.0.1)
      nokogiri
      thor

GEM
  remote: https://rubygems.org/
  specs:
    byebug (11.1.3)
    coderay (1.1.3)
    method_source (1.0.0)
    mini_portile2 (2.4.0)
    nokogiri (1.10.10)
      mini_portile2 (~> 2.4.0)
    pry (0.13.1)
      coderay (~> 1.1)
      method_source (~> 1.0)
    pry-byebug (3.9.0)
      byebug (~> 11.0)
      pry (~> 0.13.0)
    thor (1.0.1)

PLATFORMS
  ruby

DEPENDENCIES
  bundler
  pry-byebug
  pyama-camp!

BUNDLED WITH
   2.1.4
